GEM
  remote: https://rubygems.org/
  specs:
    filesize (0.2.0)
    fileutils (1.2.0)
    hashie (3.6.0)
    json (2.2.0)
    logger (1.3.0)
    pp (0.1.1)
    video_transcoding (0.25.1)

PLATFORMS
  ruby

DEPENDENCIES
  filesize
  fileutils
  hashie
  json
  logger
  pp
  video_transcoding

BUNDLED WITH
   2.0.1
