GEM
  remote: https://rubygems.org/
  specs:
    filesize (0.2.0)
    fileutils (1.2.0)
    json (2.2.0)
    logger (1.3.0)
    rubysl-prettyprint (2.0.3)
    video_transcoding (0.25.1)

PLATFORMS
  ruby

DEPENDENCIES
  filesize (~> 0.2.0)
  fileutils (~> 1.2)
  json (~> 2.2)
  logger (~> 1.3)
  rubysl-prettyprint (~> 2.0, >= 2.0.3)
  video_transcoding (~> 0.25.1)

BUNDLED WITH
   2.0.1
